GIT
  remote: https://github.com/dkubb/axiom-do-adapter.git
  revision: c241cb709ccb2e90b4e53c66f852349fb18f3343
  specs:
    axiom-do-adapter (0.1.1)
      axiom (~> 0.1.0)
      axiom-sql-generator (~> 0.1.0)
      data_objects (~> 0.10.12)

GIT
  remote: https://github.com/dkubb/axiom-sql-generator.git
  revision: 63afec076c20fa28642af7d6c03bfbcdc4ea6aa5
  specs:
    axiom-sql-generator (0.1.1)
      axiom (~> 0.1.0)

GIT
  remote: https://github.com/dkubb/axiom.git
  revision: a65d1c0e1157d3f618e395fa7d934a21a2feb9cd
  specs:
    axiom (0.1.1)
      abstract_type (~> 0.0.5)
      adamantium (~> 0.0.8)
      descendants_tracker (~> 0.0.1)
      equalizer (~> 0.0.5)

GEM
  remote: https://rubygems.org/
  specs:
    abstract_type (0.0.6)
    adamantium (0.0.11)
      ice_nine (~> 0.8.0)
    addressable (2.3.5)
    backports (3.3.3)
    data_objects (0.10.13)
      addressable (~> 2.1)
    descendants_tracker (0.0.1)
    equalizer (0.0.5)
      adamantium (~> 0.0.6)
      backports (~> 3.0, >= 3.0.3)
    ice_nine (0.8.0)

PLATFORMS
  ruby

DEPENDENCIES
  axiom!
  axiom-do-adapter!
  axiom-sql-generator!
